GIT
  remote: https://github.com/myobie/htmldiff.git
  revision: 003c74c61817b41864f7651e0c8fdb2c1117270c
  specs:
    htmldiff (1.0.0)
      diff-lcs

GEM
  remote: https://rubygems.org/
  specs:
    base64 (0.3.0)
    concurrent-ruby (1.3.5)
    daemons (1.4.1)
    diff-lcs (1.6.2)
    differ (0.1.2)
    diffy (3.4.4)
    dotenv (3.1.8)
    dotenvx (0.0.2)
    eventmachine (1.2.7)
    faraday (2.13.4)
      faraday-net_http (>= 2.0, < 3.5)
      json
      logger
    faraday-net_http (3.4.1)
      net-http (>= 0.5.0)
    faye-websocket (0.11.4)
      eventmachine (>= 0.12.0)
      websocket-driver (>= 0.5.1, < 0.8.0)
    json (2.13.2)
    logger (1.7.0)
    mustermann (3.0.4)
      ruby2_keywords (~> 0.0.1)
    net-http (0.6.0)
      uri
    plist (3.7.2)
    rack (2.2.17)
    rack-protection (3.2.0)
      base64 (>= 0.1.0)
      rack (~> 2.2, >= 2.2.4)
    redcarpet (3.6.1)
    rouge (4.6.0)
    rspec (3.13.1)
      rspec-core (~> 3.13.0)
      rspec-expectations (~> 3.13.0)
      rspec-mocks (~> 3.13.0)
    rspec-core (3.13.5)
      rspec-support (~> 3.13.0)
    rspec-expectations (3.13.5)
      diff-lcs (>= 1.2.0, < 2.0)
      rspec-support (~> 3.13.0)
    rspec-mocks (3.13.5)
      diff-lcs (>= 1.2.0, < 2.0)
      rspec-support (~> 3.13.0)
    rspec-support (3.13.5)
    ruby-enum (1.0.0)
    ruby2_keywords (0.0.5)
    sinatra (3.2.0)
      mustermann (~> 3.0)
      rack (~> 2.2, >= 2.2.4)
      rack-protection (= 3.2.0)
      tilt (~> 2.0)
    sqlite3 (1.7.3-x86_64-darwin)
    textpow (1.4.0)
      plist (>= 3.0.1)
    thin (1.8.2)
      daemons (~> 1.0, >= 1.0.9)
      eventmachine (~> 1.0, >= 1.0.4)
      rack (>= 1, < 3)
    tiktoken_ruby (0.0.9-x86_64-darwin)
    tilt (2.6.1)
    uri (1.0.3)
    websocket-driver (0.7.7)
      base64
      websocket-extensions (>= 0.1.0)
    websocket-extensions (0.1.5)
    yaml (0.4.0)

PLATFORMS
  x86_64-darwin-24

DEPENDENCIES
  concurrent-ruby (~> 1.3)
  differ (~> 0.1.2)
  diffy (~> 3.4)
  dotenv (~> 3.1)
  dotenvx (~> 0.0.2)
  faraday (~> 2.8)
  faye-websocket (~> 0.11.0)
  htmldiff!
  redcarpet (~> 3.6)
  rouge (~> 4.6)
  rspec (~> 3.13)
  ruby-enum (~> 1.0)
  sinatra (~> 3.0)
  sqlite3 (~> 1.5)
  textpow (~> 1.4)
  thin (~> 1.8)
  tiktoken_ruby (~> 0.0.9)
  yaml

RUBY VERSION
   ruby 3.1.7p261

BUNDLED WITH
   2.3.27
